GIT
  remote: git@github.com:resque/resque.git
  revision: a3a66389618b830de0e6acf862b0dc9fde05cf49
  specs:
    resque (1.27.0)
      mono_logger (~> 1.0)
      multi_json (~> 1.0)
      redis-namespace (~> 1.3)
      sinatra (>= 0.9.2)
      vegas (~> 0.1.2)

PATH
  remote: .
  specs:
    resque-balancer (0.0.0)
      resque (~> 1.27.0)

GEM
  remote: https://rubygems.org/
  specs:
    bump (0.5.3)
    diff-lcs (1.2.5)
    fakeredis (0.6.0)
      redis (~> 3.2)
    mono_logger (1.1.0)
    multi_json (1.12.1)
    rack (1.6.4)
    rack-protection (1.5.3)
      rack
    rake (11.2.2)
    redis (3.3.1)
    redis-namespace (1.5.2)
      redis (~> 3.0, >= 3.0.4)
    rspec (3.5.0)
      rspec-core (~> 3.5.0)
      rspec-expectations (~> 3.5.0)
      rspec-mocks (~> 3.5.0)
    rspec-core (3.5.3)
      rspec-support (~> 3.5.0)
    rspec-expectations (3.5.0)
      diff-lcs (>= 1.2.0, < 2.0)
      rspec-support (~> 3.5.0)
    rspec-mocks (3.5.0)
      diff-lcs (>= 1.2.0, < 2.0)
      rspec-support (~> 3.5.0)
    rspec-support (3.5.0)
    sinatra (1.4.7)
      rack (~> 1.5)
      rack-protection (~> 1.4)
      tilt (>= 1.3, < 3)
    single_cov (0.5.1)
    tilt (2.0.5)
    vegas (0.1.11)
      rack (>= 1.0.0)

PLATFORMS
  ruby

DEPENDENCIES
  bump
  fakeredis
  rake
  resque!
  resque-balancer!
  rspec
  single_cov
